GEM
  remote: https://rubygems.org/
  specs:
    coderay (1.1.3)
    fast_trie (0.5.1)
    kgio (2.11.4)
    method_source (1.0.0)
    mustermann (2.0.2)
      ruby2_keywords (~> 0.0.1)
    pry (0.14.1)
      coderay (~> 1.1)
      method_source (~> 1.0)
    pry-nav (1.0.0)
      pry (>= 0.9.10, < 0.15)
    rack (2.2.4)
    rack-protection (2.2.2)
      rack
    raindrops (0.20.0)
    ruby2_keywords (0.0.5)
    sinatra (2.2.2)
      mustermann (~> 2.0)
      rack (~> 2.2)
      rack-protection (= 2.2.2)
      tilt (~> 2.0)
    tilt (2.0.11)
    unicorn (6.1.0)
      kgio (~> 2.6)
      raindrops (~> 0.7)

PLATFORMS
  ruby

DEPENDENCIES
  fast_trie
  pry
  pry-nav
  rack (>= 2.2.3.1)
  sinatra (~> 2.2.0)
  unicorn

BUNDLED WITH
   2.1.4
